PATH
  remote: vendor/cf-message-bus
  specs:
    cf-message-bus (0.3.3)
      eventmachine (~> 1.0.0)
      nats (>= 0.5.0.beta.16, < 0.6)
      vcap-concurrency

PATH
  remote: vendor/ruby-nats
  specs:
    nats (0.5.0.beta.16)
      daemons (~> 1.1, >= 1.1.9)
      eventmachine (~> 1.0, >= 1.0.3)
      json_pure (~> 1.8, >= 1.8.1)

PATH
  remote: vendor/steno
  specs:
    steno (1.2.4)
      multi_json

GEM
  remote: https://rubygems.org/
  specs:
    addressable (2.3.5)
    aws-sdk (2.0.39)
      aws-sdk-resources (= 2.0.39)
    aws-sdk-core (2.0.39)
      builder (~> 3.0)
      jmespath (~> 1.0)
      multi_json (~> 1.0)
    aws-sdk-resources (2.0.39)
      aws-sdk-core (= 2.0.39)
    builder (3.2.2)
    ci_reporter (1.9.0)
      builder (>= 2.1.2)
    codeclimate-test-reporter (0.3.0)
      simplecov (>= 0.7.1, < 1.0.0)
    crack (0.4.2)
      safe_yaml (~> 1.0.0)
    daemons (1.2.1)
    diff-lcs (1.2.5)
    docile (1.1.5)
    eventmachine (1.0.7)
    eventmachine (1.0.7-java)
    httparty (0.11.0)
      multi_json (~> 1.0)
      multi_xml (>= 0.5.2)
    jmespath (1.0.2)
      multi_json (~> 1.0)
    json_pure (1.8.2)
    multi_json (1.11.0)
    multi_xml (0.5.4)
    rake (0.9.2.2)
    rspec (2.14.1)
      rspec-core (~> 2.14.0)
      rspec-expectations (~> 2.14.0)
      rspec-mocks (~> 2.14.0)
    rspec-core (2.14.7)
    rspec-expectations (2.14.4)
      diff-lcs (>= 1.1.3, < 2.0)
    rspec-mocks (2.14.4)
    safe_yaml (1.0.4)
    simplecov (0.9.0)
      docile (~> 1.1.0)
      multi_json
      simplecov-html (~> 0.8.0)
    simplecov-html (0.8.0)
    timecop (0.6.3)
    vcap-concurrency (0.1.0)
    webmock (1.17.4)
      addressable (>= 2.2.7)
      crack (>= 0.3.2)

PLATFORMS
  java
  ruby

DEPENDENCIES
  aws-sdk (~> 2)
  cf-message-bus!
  ci_reporter
  codeclimate-test-reporter
  eventmachine
  httparty
  nats!
  rake
  rspec
  steno!
  timecop
  webmock
