PATH
  remote: .
  specs:
    nats (0.5.0.beta.16)
      daemons (>= 1.1.9)
      eventmachine (>= 1.0.3)
      json_pure (>= 1.8.1)
      thin (>= 1.6.3)

GEM
  remote: http://rubygems.org/
  specs:
    daemons (1.1.9)
    diff-lcs (1.2.5)
    eventmachine (1.0.3)
    json_pure (1.8.1)
    rack (1.5.2)
    rake (10.4.2)
    rspec (2.99.0)
      rspec-core (~> 2.99.0)
      rspec-expectations (~> 2.99.0)
      rspec-mocks (~> 2.99.0)
    rspec-core (2.99.2)
    rspec-expectations (2.99.2)
      diff-lcs (>= 1.1.3, < 2.0)
    rspec-mocks (2.99.2)
    thin (1.6.3)
      daemons (~> 1.0, >= 1.0.9)
      eventmachine (~> 1.0)
      rack (~> 1.0)

PLATFORMS
  ruby

DEPENDENCIES
  daemons (>= 1.1.9)
  eventmachine (>= 1.0.3)
  json_pure (>= 1.8.1)
  nats!
  rake
  rspec (< 3.0.0)
  thin (>= 1.6.0)
